GEM
  remote: https://rubygems.org/
  specs:
    rdiscount (2.2.0.1)

PLATFORMS
  x64-mingw32

DEPENDENCIES
  rdiscount

BUNDLED WITH
   2.0.2
