GEM
  remote: https://rubygems.org/
  specs:
    rdiscount (2.2.0.1)

PLATFORMS
  ruby
  x64-mingw32

DEPENDENCIES
  rdiscount

BUNDLED WITH
   1.16.3
